PATH
  remote: .
  specs:
    tensor_stream-opencl (0.1.3)
      oily_png
      opencl_ruby_ffi
      tensor_stream (~> 0.8.6)

GEM
  remote: https://rubygems.org/
  specs:
    awesome_print (1.8.0)
    byebug (10.0.2)
    chunky_png (1.3.10)
    coderay (1.1.2)
    concurrent-ruby (1.0.5)
    deep_merge (1.2.1)
    diff-lcs (1.3)
    ffi (1.9.25)
    method_source (0.9.0)
    mnist-learn (0.1.1)
    narray (0.6.1.2)
    narray_ffi (1.4.3)
      ffi (~> 1.9, >= 1.9.3)
      narray (~> 0.6, >= 0.6.0.8)
    oily_png (1.2.1)
      chunky_png (~> 1.3.7)
    opencl_ruby_ffi (1.3.4)
      ffi (~> 1.9, >= 1.9.3)
      narray (~> 0.6, >= 0.6.0.8)
      narray_ffi (~> 1.0, >= 1.0.0)
    pry (0.11.3)
      coderay (~> 1.1.0)
      method_source (~> 0.9.0)
    pry-byebug (3.6.0)
      byebug (~> 10.0)
      pry (~> 0.10)
    rake (10.5.0)
    rspec (3.8.0)
      rspec-core (~> 3.8.0)
      rspec-expectations (~> 3.8.0)
      rspec-mocks (~> 3.8.0)
    rspec-core (3.8.0)
      rspec-support (~> 3.8.0)
    rspec-expectations (3.8.1)
      diff-lcs (>= 1.2.0, < 2.0)
      rspec-support (~> 3.8.0)
    rspec-mocks (3.8.0)
      diff-lcs (>= 1.2.0, < 2.0)
      rspec-support (~> 3.8.0)
    rspec-support (3.8.0)
    tensor_stream (0.8.6)
      chunky_png
      concurrent-ruby
      deep_merge

PLATFORMS
  ruby

DEPENDENCIES
  awesome_print
  bundler (~> 1.16)
  mnist-learn
  pry-byebug
  rake (~> 10.0)
  rspec (~> 3.0)
  tensor_stream-opencl!

BUNDLED WITH
   1.16.2
